GEM
  remote: https://rubygems.org/
  specs:
    addressable (2.8.7)
      public_suffix (>= 2.0.2, < 7.0)
    aws-eventstream (1.3.0)
    aws-sdk (2.11.632)
      aws-sdk-resources (= 2.11.632)
    aws-sdk-core (2.11.632)
      aws-sigv4 (~> 1.0)
      jmespath (~> 1.0)
    aws-sdk-resources (2.11.632)
      aws-sdk-core (= 2.11.632)
    aws-sigv4 (1.11.0)
      aws-eventstream (~> 1, >= 1.0.2)
    base64 (0.2.0)
    coffee-script (2.4.1)
      coffee-script-source
      execjs
    coffee-script-source (1.12.2)
    colorator (1.1.0)
    colored (1.2)
    concurrent-ruby (1.3.5)
    configure-s3-website (2.3.0)
      aws-sdk (~> 2)
      deep_merge (~> 1.0.0)
    csv (3.3.2)
    deep_merge (1.0.1)
    dotenv (1.0.2)
    em-websocket (0.5.3)
      eventmachine (>= 0.12.9)
      http_parser.rb (~> 0)
    eventmachine (1.2.7)
    execjs (2.10.0)
    ffi (1.17.1)
    ffi (1.17.1-arm64-darwin)
    forwardable-extended (2.6.0)
    google-protobuf (3.25.6)
    google-protobuf (3.25.6-arm64-darwin)
    haml (5.2.2)
      temple (>= 0.8.0)
      tilt
    http_parser.rb (0.8.0)
    i18n (1.14.7)
      concurrent-ruby (~> 1.0)
    jekyll (4.4.1)
      addressable (~> 2.4)
      base64 (~> 0.2)
      colorator (~> 1.0)
      csv (~> 3.0)
      em-websocket (~> 0.5)
      i18n (~> 1.0)
      jekyll-sass-converter (>= 2.0, < 4.0)
      jekyll-watch (~> 2.0)
      json (~> 2.6)
      kramdown (~> 2.3, >= 2.3.1)
      kramdown-parser-gfm (~> 1.0)
      liquid (~> 4.0)
      mercenary (~> 0.3, >= 0.3.6)
      pathutil (~> 0.9)
      rouge (>= 3.0, < 5.0)
      safe_yaml (~> 1.0)
      terminal-table (>= 1.8, < 4.0)
      webrick (~> 1.7)
    jekyll-coffeescript (2.0.0)
      coffee-script (~> 2.2)
      coffee-script-source (~> 1.12)
    jekyll-haml (1.0.0)
      haml (~> 5.0)
      jekyll (~> 4.0)
    jekyll-sass-converter (3.0.0)
      sass-embedded (~> 1.54)
    jekyll-watch (2.2.1)
      listen (~> 3.0)
    jmespath (1.6.2)
    json (2.10.1)
    kramdown (2.5.1)
      rexml (>= 3.3.9)
    kramdown-parser-gfm (1.1.0)
      kramdown (~> 2.0)
    libv8-node (16.19.0.1)
    libv8-node (16.19.0.1-arm64-darwin)
    liquid (4.0.4)
    listen (3.9.0)
      rb-fsevent (~> 0.10, >= 0.10.3)
      rb-inotify (~> 0.9, >= 0.9.10)
    mercenary (0.4.0)
    mini_racer (0.6.4)
      libv8-node (~> 16.19.0.0)
    pathutil (0.16.2)
      forwardable-extended (~> 2.6)
    public_suffix (5.1.1)
    rake (13.2.1)
    rb-fsevent (0.11.2)
    rb-inotify (0.11.1)
      ffi (~> 1.0)
    rexml (3.4.0)
    rouge (4.5.1)
    s3_website (3.4.0)
      colored (= 1.2)
      configure-s3-website (= 2.3.0)
      dotenv (~> 1.0)
      thor (~> 0.18)
    safe_yaml (1.0.5)
    sass-embedded (1.63.6)
      google-protobuf (~> 3.23)
      rake (>= 13.0.0)
    sass-embedded (1.63.6-arm64-darwin)
      google-protobuf (~> 3.23)
    temple (0.10.3)
    terminal-table (3.0.2)
      unicode-display_width (>= 1.1.1, < 3)
    thor (0.20.3)
    tilt (2.6.0)
    unicode-display_width (2.6.0)
    webrick (1.9.1)

PLATFORMS
  arm64-darwin-21
  ruby

DEPENDENCIES
  jekyll (= 4.4.1)
  jekyll-coffeescript
  jekyll-haml
  mini_racer
  s3_website
  tzinfo-data

BUNDLED WITH
   2.3.15
